PATH
  remote: .
  specs:
    encrypted_attributes (0.0.2)

GEM
  remote: https://rubygems.org/
  specs:
    builder (3.1.3)
    ci_reporter (1.7.3)
      builder (>= 2.1.2)
    multi_json (1.3.6)
    rake (0.9.2.2)
    simplecov (0.7.1)
      multi_json (~> 1.0)
      simplecov-html (~> 0.7.1)
    simplecov-html (0.7.1)
    simplecov-rcov (0.2.3)
      simplecov (>= 0.4.1)

PLATFORMS
  ruby

DEPENDENCIES
  ci_reporter
  encrypted_attributes!
  rake
  simplecov
  simplecov-rcov
