PATH
  remote: .
  specs:
    encrypted_attributes (0.0.1)

GEM
  remote: https://rubygems.org/
  specs:
    rake (0.9.2.2)

PLATFORMS
  ruby

DEPENDENCIES
  encrypted_attributes!
  rake
